GEM
  remote: https://rubygems.org/
  specs:
    cocoapods-fix-react-native (2018.05.17.19)

PLATFORMS
  ruby

DEPENDENCIES
  cocoapods-fix-react-native

BUNDLED WITH
   1.16.1
